GEM
  remote: https://rubygems.org/
  remote: http://gems.github.com/
  specs:
    actionmailer (2.3.15)
      actionpack (= 2.3.15)
    actionpack (2.3.15)
      activesupport (= 2.3.15)
      rack (~> 1.1.3)
    activerecord (2.3.15)
      activesupport (= 2.3.15)
    activeresource (2.3.15)
      activesupport (= 2.3.15)
    activesupport (2.3.15)
    authlogic (2.0.14)
      activesupport
      hoe (>= 2.0.0)
    daemons (1.1.9)
    eventmachine (1.0.0)
    gravtastic (2.1.0)
    hoe (3.3.1)
      rake (>= 0.8, < 11.0)
    mislav-will_paginate (2.3.11)
    pg (0.12.2)
    rack (1.1.4)
    rails (2.3.15)
      actionmailer (= 2.3.15)
      actionpack (= 2.3.15)
      activerecord (= 2.3.15)
      activeresource (= 2.3.15)
      activesupport (= 2.3.15)
      rake (>= 0.8.3)
    rake (10.0.3)
    sqlite3 (1.3.9)
    thin (1.5.0)
      daemons (>= 1.0.9)
      eventmachine (>= 0.12.6)
      rack (>= 1.0.0)

PLATFORMS
  ruby

DEPENDENCIES
  authlogic (= 2.0.14)
  gravtastic (= 2.1.0)
  mislav-will_paginate
  pg (= 0.12.2)
  rails (= 2.3.15)
  sqlite3
  thin
